GEM
  remote: https://rubygems.org/
  specs:
    chartkick (1.3.2)
    erubis (2.7.0)
    ffi (1.9.6)
    pi_piper (1.3.2)
      ffi
    rack (1.6.0)
    rack-protection (1.5.3)
      rack
    sinatra (1.4.5)
      rack (~> 1.4)
      rack-protection (~> 1.4)
      tilt (~> 1.3, >= 1.3.4)
    sqlite3 (1.3.10)
    tilt (1.4.1)

PLATFORMS
  ruby

DEPENDENCIES
  chartkick
  erubis
  pi_piper
  sinatra
  sqlite3
